GEM
  remote: https://rubygems.org/
  specs:
    ast (2.4.0)
    gettext (3.2.9)
      locale (>= 2.0.5)
      text (>= 1.3.0)
    locale (2.1.2)
    packaging_rake_tasks (1.4.4)
      rake
    parallel (1.12.1)
    parser (2.5.0.0)
      ast (~> 2.4.0)
    powerpack (0.1.1)
    rainbow (3.0.0)
    rake (13.0.1)
    rubocop (0.52.1)
      parallel (~> 1.10)
      parser (>= 2.4.0.2, < 3.0)
      powerpack (~> 0.1)
      rainbow (>= 2.2.2, < 4.0)
      ruby-progressbar (~> 1.7)
      unicode-display_width (~> 1.0, >= 1.0.1)
    rubocop-rspec (1.19.0)
      rubocop (>= 0.51.0)
    ruby-progressbar (1.9.0)
    scc-codestyle (0.1.4)
      rubocop (= 0.52.1)
      rubocop-rspec (= 1.19)
    text (1.3.1)
    unicode-display_width (1.3.0)
    yast-rake (0.2.20)
      packaging_rake_tasks (>= 1.1.4)
      rake

PLATFORMS
  ruby

DEPENDENCIES
  gettext
  scc-codestyle (~> 0.1.4)
  yast-rake (~> 0.2.20)

BUNDLED WITH
   2.5.3
